GEM
  remote: https://rubygems.org/
  specs:
    jenkins_api_client (0.13.0)
      json
      mixlib-shellout (~> 1.1.0)
      nokogiri (~> 1.5.0)
      terminal-table (>= 1.4.0)
      thor (>= 0.16.0)
    json (1.8.0)
    mixlib-shellout (1.1.0)
    nokogiri (1.5.10)
    terminal-notifier (1.4.2)
    terminal-table (1.4.5)
    thor (0.18.1)

PLATFORMS
  ruby

DEPENDENCIES
  jenkins_api_client
  terminal-notifier
